GIT
  remote: git://github.com/KPI-ASOIU/jstree-rails.git
  revision: 1a0b37a7fea16a1f25f62e7932e0a32ec8a13d02
  specs:
    jstree-rails (1.0.0)
      rails (>= 3.2)

GIT
  remote: git://github.com/activerecord-hackery/squeel.git
  revision: 5542266d502db8022e14105f9dfb455a79d6fc4a
  specs:
    squeel (1.2.3)
      activerecord (>= 3.0)
      activesupport (>= 3.0)
      polyamorous (~> 1.1.0)

GIT
  remote: git://github.com/apricis/opinio4.git
  revision: e67fc848451006d5bb1803213e5d575fab78cf66
  specs:
    opinio (0.6.0.1)
      jquery-rails
      kaminari
      rails (~> 4)

GIT
  remote: git://github.com/doabit/semantic-ui-sass.git
  revision: 0c6474f98bfdd82b764b8289df0108033f01b7f7
  specs:
    semantic-ui-sass (2.1.4.0)
      sass (>= 3.2)

GEM
  remote: https://rubygems.org/
  specs:
    actionmailer (4.1.8)
      actionpack (= 4.1.8)
      actionview (= 4.1.8)
      mail (~> 2.5, >= 2.5.4)
    actionpack (4.1.8)
      actionview (= 4.1.8)
      activesupport (= 4.1.8)
      rack (~> 1.5.2)
      rack-test (~> 0.6.2)
    actionview (4.1.8)
      activesupport (= 4.1.8)
      builder (~> 3.1)
      erubis (~> 2.7.0)
    activemodel (4.1.8)
      activesupport (= 4.1.8)
      builder (~> 3.1)
    activerecord (4.1.8)
      activemodel (= 4.1.8)
      activesupport (= 4.1.8)
      arel (~> 5.0.0)
    activesupport (4.1.8)
      i18n (~> 0.6, >= 0.6.9)
      json (~> 1.7, >= 1.7.7)
      minitest (~> 5.1)
      thread_safe (~> 0.1)
      tzinfo (~> 1.1)
    arel (5.0.1.20140414130214)
    awesome_nested_fields (0.6.4)
      rails (>= 3.0.0)
    bcrypt (3.1.10)
    better_errors (2.1.1)
      coderay (>= 1.0.0)
      erubis (>= 2.6.6)
      rack (>= 0.9.0)
    binding_of_caller (0.7.2)
      debug_inspector (>= 0.0.1)
    bootstrap3-datetimepicker-rails (3.1.3)
      momentjs-rails (>= 2.8.1)
    builder (3.2.2)
    cancan (1.6.10)
    capistrano (3.4.0)
      i18n
      rake (>= 10.0.0)
      sshkit (~> 1.3)
    capistrano-bundler (1.1.4)
      capistrano (~> 3.1)
      sshkit (~> 1.2)
    capistrano-rails (1.1.5)
      capistrano (~> 3.1)
      capistrano-bundler (~> 1.1)
    capistrano-rvm (0.1.2)
      capistrano (~> 3.0)
      sshkit (~> 1.2)
    chosen-rails (1.4.1)
      coffee-rails (>= 3.2)
      compass-rails (>= 1.1.2)
      railties (>= 3.0)
      sass-rails (>= 3.2)
    chunky_png (1.3.4)
    ckeditor (4.1.4)
      cocaine
      orm_adapter (~> 0.5.0)
    climate_control (0.0.3)
      activesupport (>= 3.0)
    cocaine (0.5.7)
      climate_control (>= 0.0.3, < 1.0)
    coderay (1.1.0)
    coffee-rails (4.1.0)
      coffee-script (>= 2.2.0)
      railties (>= 4.0.0, < 5.0)
    coffee-script (2.4.1)
      coffee-script-source
      execjs
    coffee-script-source (1.9.1.1)
    colorize (0.7.7)
    compass (0.12.7)
      chunky_png (~> 1.2)
      fssm (>= 0.2.7)
      sass (~> 3.2.19)
    compass-rails (2.0.0)
      compass (>= 0.12.2)
    daemons (1.2.3)
    debug_inspector (0.0.2)
    devise (3.5.2)
      bcrypt (~> 3.0)
      orm_adapter (~> 0.1)
      railties (>= 3.2.6, < 5)
      responders
      thread_safe (~> 0.1)
      warden (~> 1.2.3)
    diff-lcs (1.2.5)
    em-synchrony (1.0.4)
      eventmachine (>= 1.0.0.beta.1)
    erubis (2.7.0)
    eventmachine (1.0.8)
    execjs (2.6.0)
    factory_girl (4.5.0)
      activesupport (>= 3.0.0)
    factory_girl_rails (4.5.0)
      factory_girl (~> 4.5.0)
      railties (>= 3.0.0)
    faye-websocket (0.10.0)
      eventmachine (>= 0.12.0)
      websocket-driver (>= 0.5.1)
    foreman (0.78.0)
      thor (~> 0.19.1)
    fssm (0.2.10)
    haml (4.0.7)
      tilt
    haml-rails (0.9.0)
      actionpack (>= 4.0.1)
      activesupport (>= 4.0.1)
      haml (>= 4.0.6, < 5.0)
      html2haml (>= 1.0.1)
      railties (>= 4.0.1)
    hike (1.2.3)
    hiredis (0.6.0)
    html2haml (2.0.0)
      erubis (~> 2.7.0)
      haml (~> 4.0.0)
      nokogiri (~> 1.6.0)
      ruby_parser (~> 3.5)
    html_truncator (0.4.1)
      nokogiri (~> 1.5)
    i18n (0.7.0)
    jbuilder (1.5.3)
      activesupport (>= 3.0.0)
      multi_json (>= 1.2.0)
    jquery-countdown-rails (2.0.2)
    jquery-mousewheel-rails (0.0.9)
      railties (>= 3.1)
    jquery-rails (3.1.4)
      railties (>= 3.0, < 5.0)
      thor (>= 0.14, < 2.0)
    jscrollpane-rails (2.0.22)
      railties (>= 3.1)
    json (1.8.3)
    kaminari (0.16.3)
      actionpack (>= 3.0.0)
      activesupport (>= 3.0.0)
    kaminari-bootstrap (3.0.1)
      kaminari (>= 0.13.0)
      rails
    kgio (2.10.0)
    mail (2.6.3)
      mime-types (>= 1.16, < 3)
    masonry-rails (0.2.4)
      railties
    mime-types (2.6.2)
    mimemagic (0.3.0)
    mini_portile (0.6.2)
    minitest (5.8.1)
    momentjs-rails (2.10.6)
      railties (>= 3.1)
    multi_json (1.11.2)
    net-scp (1.2.1)
      net-ssh (>= 2.6.5)
    net-ssh (3.0.1)
    nokogiri (1.6.6.2)
      mini_portile (~> 0.6.0)
    orm_adapter (0.5.0)
    paperclip (4.3.1)
      activemodel (>= 3.2.0)
      activesupport (>= 3.2.0)
      cocaine (~> 0.5.5)
      mime-types
      mimemagic (= 0.3.0)
    pg (0.18.3)
    polyamorous (1.1.0)
      activerecord (>= 3.0)
    public_activity (1.4.2)
      actionpack (>= 3.0.0)
      activerecord (>= 3.0)
      i18n (>= 0.5.0)
      railties (>= 3.0.0)
    rack (1.5.5)
    rack-test (0.6.3)
      rack (>= 1.0)
    rails (4.1.8)
      actionmailer (= 4.1.8)
      actionpack (= 4.1.8)
      actionview (= 4.1.8)
      activemodel (= 4.1.8)
      activerecord (= 4.1.8)
      activesupport (= 4.1.8)
      bundler (>= 1.3.0, < 2.0)
      railties (= 4.1.8)
      sprockets-rails (~> 2.0)
    rails-timeago (2.12.0)
      actionpack (>= 3.1)
      activesupport (>= 3.1)
    railties (4.1.8)
      actionpack (= 4.1.8)
      activesupport (= 4.1.8)
      rake (>= 0.8.7)
      thor (>= 0.18.1, < 2.0)
    raindrops (0.15.0)
    rake (10.4.2)
    ransack (1.6.5)
      actionpack (>= 3.0)
      activerecord (>= 3.0)
      activesupport (>= 3.0)
      i18n
      polyamorous (~> 1.1)
    rdoc (4.2.0)
      json (~> 1.4)
    redis (3.2.1)
    redis-objects (1.2.0)
      redis (>= 3.0.2)
    remotipart (1.2.1)
    responders (1.1.2)
      railties (>= 3.2, < 4.2)
    rspec-collection_matchers (1.1.2)
      rspec-expectations (>= 2.99.0.beta1)
    rspec-core (2.99.2)
    rspec-expectations (2.99.2)
      diff-lcs (>= 1.1.3, < 2.0)
    rspec-mocks (2.99.4)
    rspec-rails (2.99.0)
      actionpack (>= 3.0)
      activemodel (>= 3.0)
      activesupport (>= 3.0)
      railties (>= 3.0)
      rspec-collection_matchers
      rspec-core (~> 2.99.0)
      rspec-expectations (~> 2.99.0)
      rspec-mocks (~> 2.99.0)
    ruby_parser (3.7.1)
      sexp_processor (~> 4.1)
    sass (3.2.19)
    sass-rails (4.0.5)
      railties (>= 4.0.0, < 5.0)
      sass (~> 3.2.2)
      sprockets (~> 2.8, < 3.0)
      sprockets-rails (~> 2.0)
    sdoc (0.4.1)
      json (~> 1.7, >= 1.7.7)
      rdoc (~> 4.0)
    select2-rails (4.0.0)
      thor (~> 0.14)
    sexp_processor (4.6.0)
    shoulda-callback-matchers (1.1.3)
      activesupport (>= 3)
    shoulda-matchers (3.0.1)
      activesupport (>= 4.0.0)
    sprockets (2.11.0)
      hike (~> 1.2)
      multi_json (~> 1.0)
      rack (~> 1.0)
      tilt (~> 1.1, != 1.3.0)
    sprockets-rails (2.3.3)
      actionpack (>= 3.0)
      activesupport (>= 3.0)
      sprockets (>= 2.8, < 4.0)
    sshkit (1.7.1)
      colorize (>= 0.7.0)
      net-scp (>= 1.1.2)
      net-ssh (>= 2.8.0)
    thin (1.6.4)
      daemons (~> 1.0, >= 1.0.9)
      eventmachine (~> 1.0, >= 1.0.4)
      rack (~> 1.0)
    thor (0.19.1)
    thread_safe (0.3.5)
    tilt (1.4.1)
    time_diff (0.3.0)
      activesupport
      i18n
    tzinfo (1.2.2)
      thread_safe (~> 0.1)
    uglifier (2.7.2)
      execjs (>= 0.3.0)
      json (>= 1.8.0)
    unicorn (4.9.0)
      kgio (~> 2.6)
      rack
      raindrops (~> 0.7)
    warden (1.2.3)
      rack (>= 1.0)
    websocket-driver (0.6.2)
      websocket-extensions (>= 0.1.0)
    websocket-extensions (0.1.2)
    websocket-rails (0.7.0)
      em-synchrony
      faye-websocket
      hiredis
      rack
      rails
      redis
      redis-objects
      thin

PLATFORMS
  ruby

DEPENDENCIES
  awesome_nested_fields
  better_errors
  binding_of_caller
  bootstrap3-datetimepicker-rails (~> 3.1.3)
  cancan
  capistrano
  capistrano-bundler
  capistrano-rails
  capistrano-rvm
  chosen-rails
  ckeditor
  devise
  factory_girl_rails (~> 4.0)
  foreman
  haml-rails
  html_truncator (~> 0.4.0)
  jbuilder (~> 1.2)
  jquery-countdown-rails
  jquery-mousewheel-rails
  jquery-rails
  jscrollpane-rails
  jstree-rails!
  kaminari
  kaminari-bootstrap (~> 3.0.1)
  masonry-rails
  momentjs-rails (>= 2.8.1)
  opinio!
  paperclip
  pg
  polyamorous (~> 1.1.0)
  public_activity
  rails (= 4.1.8)
  rails-timeago (~> 2.0)
  ransack (~> 1.6.5)
  remotipart
  rspec-rails (~> 2.14)
  sass-rails (~> 4.0.0)
  sdoc
  select2-rails
  semantic-ui-sass!
  shoulda-callback-matchers (>= 0.3.0)
  shoulda-matchers
  sprockets (= 2.11.0)
  squeel!
  time_diff
  uglifier (>= 1.3.0)
  unicorn
  websocket-rails
